GEM
  remote: https://rubygems.org/
  specs:
    byebug (11.0.1)
    minitest (5.11.3)
    minitest-sprint (1.2.0)
      path_expander (~> 1.0)
    path_expander (1.0.3)

PLATFORMS
  ruby

DEPENDENCIES
  byebug
  minitest (= 5.11.3)
  minitest-sprint

BUNDLED WITH
   2.0.1
